GEM
  remote: https://rubygems.org/
  specs:
    builder (3.2.2)
    feedbag (0.10)
      nokogiri (~> 1.8, >= 1.8.2)
      open_uri_redirections (~> 0.2)
    json (1.8.3)
    mini_portile2 (2.4.0)
    nokogiri (1.10.4)
      mini_portile2 (~> 2.4.0)
    open_uri_redirections (0.2.1)

PLATFORMS
  ruby

DEPENDENCIES
  builder
  feedbag (>= 0.9.8)
  json
  nokogiri (>= 1.10.4)

BUNDLED WITH
   1.17.3
